PATH
  remote: .
  specs:
    rubytree (0.8.3)
      json (>= 1.7.5)
      structured_warnings (>= 0.1.3)

GEM
  remote: http://rubygems.org/
  specs:
    json (1.7.5)
    rake (0.9.2.2)
    rcov (0.9.11)
    rdoc (3.12)
      json (~> 1.4)
    rdoc-data (3.12)
      rdoc (> 2.5, < 4.0)
    structured_warnings (0.1.3)

PLATFORMS
  ruby

DEPENDENCIES
  rake (>= 0.9.2.2)
  rcov (~> 0.9.0)
  rdoc (>= 3.12)
  rdoc-data (>= 3.12)
  rubytree!
