PATH
  remote: .
  specs:
    rubytree (0.9.5pre6)
      json (~> 1.8)
      structured_warnings (~> 0.2)

GEM
  remote: https://rubygems.org/
  specs:
    coveralls (0.7.11)
      multi_json (~> 1.10)
      rest-client (>= 1.6.8, < 2)
      simplecov (~> 0.9.1)
      term-ansicolor (~> 1.3)
      thor (~> 0.19.1)
    docile (1.1.5)
    json (1.8.2)
    mime-types (2.4.3)
    multi_json (1.10.1)
    netrc (0.10.3)
    power_assert (0.2.2)
    rake (10.4.2)
    rdoc (4.2.0)
      json (~> 1.4)
    rest-client (1.7.3)
      mime-types (>= 1.16, < 3.0)
      netrc (~> 0.7)
    rtags (0.97)
    rtagstask (0.0.4)
      rtags (> 0.0.0)
    simplecov (0.9.2)
      docile (~> 1.1.0)
      multi_json (~> 1.0)
      simplecov-html (~> 0.9.0)
    simplecov-html (0.9.0)
    structured_warnings (0.2.0)
    term-ansicolor (1.3.0)
      tins (~> 1.0)
    test-unit (3.0.9)
      power_assert
    thor (0.19.1)
    tins (1.3.4)
    yard (0.8.7.6)

PLATFORMS
  ruby

DEPENDENCIES
  bundler (~> 1.7)
  coveralls (>= 0.7)
  rake (~> 10.4)
  rdoc (~> 4.2)
  rtagstask (~> 0.0)
  rubytree!
  test-unit (~> 3.0)
  yard (~> 0.8)
