PATH
  remote: .
  specs:
    rubytree (0.9.0)
      json (~> 1.8)
      structured_warnings (~> 0.1.4)

GEM
  remote: https://rubygems.org/
  specs:
    json (1.8.1)
    rake (10.1.1)
    rdoc (4.1.0)
    rtags (0.98)
    rtagstask (0.0.4)
      rtags (> 0.0.0)
    structured_warnings (0.1.4)
    yard (0.8.7.3)

PLATFORMS
  ruby

DEPENDENCIES
  rake (>= 10.1.1)
  rdoc (~> 4.1)
  rtagstask (>= 0.0.4)
  rubytree!
  yard (~> 0.8)
