PATH
  remote: .
  specs:
    rubytree (0.9.5pre)
      json (~> 1.8)
      structured_warnings (~> 0.1)

GEM
  remote: https://rubygems.org/
  specs:
    coveralls (0.7.1)
      multi_json (~> 1.3)
      rest-client
      simplecov (>= 0.7)
      term-ansicolor
      thor
    docile (1.1.5)
    json (1.8.1)
    mime-types (2.4.3)
    multi_json (1.10.1)
    netrc (0.8.0)
    rake (10.3.2)
    rdoc (4.1.2)
      json (~> 1.4)
    rest-client (1.7.2)
      mime-types (>= 1.16, < 3.0)
      netrc (~> 0.7)
    rtags (0.98)
    rtagstask (0.0.4)
      rtags (> 0.0.0)
    simplecov (0.9.1)
      docile (~> 1.1.0)
      multi_json (~> 1.0)
      simplecov-html (~> 0.8.0)
    simplecov-html (0.8.0)
    structured_warnings (0.1.4)
    term-ansicolor (1.3.0)
      tins (~> 1.0)
    thor (0.19.1)
    tins (1.3.3)
    yard (0.8.7.6)

PLATFORMS
  ruby

DEPENDENCIES
  bundler (~> 1.5)
  coveralls (>= 0.7)
  rake (~> 10.1)
  rdoc (~> 4.1)
  rtagstask (~> 0.0)
  rubytree!
  yard (~> 0.8)
