PATH
  remote: .
  specs:
    rubytree (0.9.0)
      json (~> 1.7.6)
      structured_warnings (~> 0.1.3)

GEM
  remote: http://rubygems.org/
  specs:
    json (1.7.6)
    rake (10.0.3)
    rdoc (3.12.1)
      json (~> 1.4)
    rtags (0.98)
    rtagstask (0.0.4)
      rtags (> 0.0.0)
    structured_warnings (0.1.3)
    yard (0.8.3)

PLATFORMS
  ruby

DEPENDENCIES
  rake (>= 10.0.3)
  rdoc (~> 3.12)
  rtagstask (>= 0.0.4)
  rubytree!
  yard (~> 0.8.3)
